GIT
  remote: https://github.com/rails/execjs.git
  revision: f6dc08c58ab4e1a467f64d471ee6e0127c2f14de
  ref: f6dc08c
  specs:
    execjs (2.7.0)

GEM
  remote: https://rubygems.org/
  specs:
    autoprefixer-rails (9.6.0)
      execjs
    irb (1.0.0)

PLATFORMS
  ruby

DEPENDENCIES
  autoprefixer-rails
  execjs!
  irb

BUNDLED WITH
   1.17.2
