GEM
  remote: https://rubygems.org/
  specs:
    autoprefixer-rails (9.6.0)
      execjs
    execjs (2.7.0)
    irb (1.0.0)

PLATFORMS
  ruby

DEPENDENCIES
  autoprefixer-rails
  execjs
  irb

BUNDLED WITH
   1.17.2
